GIT
  remote: git://github.com/jnicklas/capybara.git
  revision: f6c787e13ad266be15fa0ebe161f331cdcbafd31
  specs:
    capybara (1.0.0)
      mime-types (>= 1.16)
      nokogiri (>= 1.3.3)
      rack (>= 1.0.0)
      rack-test (>= 0.5.4)
      selenium-webdriver (~> 0.2.2)
      xpath (~> 0.1.4)

GIT
  remote: git://github.com/rails/rails.git
  revision: 90b47bdc34c2df8a45b684bf3e2e2d8944b59d7f
  branch: 3-1-stable
  specs:
    actionmailer (3.1.0.rc4)
      actionpack (= 3.1.0.rc4)
      mail (~> 2.3.0)
    actionpack (3.1.0.rc4)
      activemodel (= 3.1.0.rc4)
      activesupport (= 3.1.0.rc4)
      builder (~> 3.0.0)
      erubis (~> 2.7.0)
      i18n (~> 0.6)
      rack (~> 1.3.0)
      rack-cache (~> 1.0.1)
      rack-mount (~> 0.8.1)
      rack-test (~> 0.6.0)
      sprockets (= 2.0.0.beta.10)
      tzinfo (~> 0.3.27)
    activemodel (3.1.0.rc4)
      activesupport (= 3.1.0.rc4)
      bcrypt-ruby (~> 2.1.4)
      builder (~> 3.0.0)
      i18n (~> 0.6)
    activerecord (3.1.0.rc4)
      activemodel (= 3.1.0.rc4)
      activesupport (= 3.1.0.rc4)
      arel (~> 2.1.1)
      tzinfo (~> 0.3.27)
    activeresource (3.1.0.rc4)
      activemodel (= 3.1.0.rc4)
      activesupport (= 3.1.0.rc4)
    activesupport (3.1.0.rc4)
      multi_json (~> 1.0)
    rails (3.1.0.rc4)
      actionmailer (= 3.1.0.rc4)
      actionpack (= 3.1.0.rc4)
      activerecord (= 3.1.0.rc4)
      activeresource (= 3.1.0.rc4)
      activesupport (= 3.1.0.rc4)
      bundler (~> 1.0)
      railties (= 3.1.0.rc4)
    railties (3.1.0.rc4)
      actionpack (= 3.1.0.rc4)
      activesupport (= 3.1.0.rc4)
      rack-ssl (~> 1.3.2)
      rake (>= 0.8.7)
      rdoc (~> 3.4)
      thor (~> 0.14.6)

GIT
  remote: https://github.com/chriseppstein/compass.git
  revision: 2124003550bf96e828f6e63351d44a61b647cbf1
  branch: rails31
  specs:
    compass (0.11.3.rails.0.2124003)
      chunky_png (~> 1.2)
      fssm (>= 0.2.7)
      sass (~> 3.1)

GEM
  remote: http://rubygems.org/
  specs:
    ZenTest (4.5.0)
    active_link_to (0.0.8)
    arel (2.1.1)
    autotest (4.4.6)
      ZenTest (>= 4.4.1)
    autotest-rails (4.1.0)
      ZenTest
    bcrypt-ruby (2.1.4)
    builder (3.0.0)
    carrierwave (0.5.4)
      activesupport (~> 3.0)
    childprocess (0.1.9)
      ffi (~> 1.0.6)
    chunky_png (1.2.0)
    coffee-script (2.2.0)
      coffee-script-source
      execjs
    coffee-script-source (1.1.1)
    configuration (1.3.1)
    database_cleaner (0.6.7)
    devise (1.3.3)
      bcrypt-ruby (~> 2.1.2)
      orm_adapter (~> 0.0.3)
      warden (~> 1.0.3)
    ejs (1.0.0)
    erubis (2.7.0)
    excon (0.6.3)
    execjs (1.2.0)
      multi_json (~> 1.0)
    factory_girl (1.3.3)
    ffi (1.0.9)
    fog (0.8.2)
      builder
      excon (~> 0.6.1)
      formatador (>= 0.1.3)
      json
      mime-types
      net-ssh (>= 2.1.3)
      nokogiri (>= 1.4.4)
      ruby-hmac
    formatador (0.1.4)
    fssm (0.2.7)
    hike (1.1.0)
    i18n (0.6.0)
    jquery-rails (1.0.12)
      railties (~> 3.0)
      thor (~> 0.14)
    json (1.5.3)
    json_pure (1.5.3)
    launchy (0.4.0)
      configuration (>= 0.0.5)
      rake (>= 0.8.1)
    mail (2.3.0)
      i18n (>= 0.4.0)
      mime-types (~> 1.16)
      treetop (~> 1.4.8)
    mime-types (1.16)
    multi_json (1.0.3)
    net-ssh (2.1.4)
    nokogiri (1.4.6)
    orm_adapter (0.0.5)
    pg (0.11.0)
    polyglot (0.3.1)
    rack (1.3.0)
    rack-cache (1.0.2)
      rack (>= 0.4)
    rack-mount (0.8.1)
      rack (>= 1.0.0)
    rack-ssl (1.3.2)
      rack
    rack-test (0.6.0)
      rack (>= 1.0)
    rails-backbone (0.2.0)
      coffee-script (~> 2.2.0)
      ejs (~> 1.0.0)
      rails (~> 3.1.0.beta1)
    rails-footnotes (3.7.4)
      rails (>= 3.0.0)
    rake (0.9.2)
    rdoc (3.6.1)
    rmagick (2.13.1)
    ruby-hmac (0.4.0)
    rubyzip (0.9.4)
    sass (3.1.3)
    sass-rails (3.1.0.rc.2)
      actionpack (~> 3.1.0.rc1)
      railties (~> 3.1.0.rc1)
      sass (>= 3.1.2)
      sprockets (>= 2.0.0.beta.9)
    selenium-webdriver (0.2.2)
      childprocess (>= 0.1.9)
      ffi (>= 1.0.7)
      json_pure
      rubyzip
    sprockets (2.0.0.beta.10)
      hike (~> 1.0)
      rack (~> 1.0)
      tilt (!= 1.3.0, ~> 1.1)
    sqlite3 (1.3.3)
    therubyracer-heroku (0.8.1.pre3)
    thor (0.14.6)
    tilt (1.3.2)
    treetop (1.4.9)
      polyglot (>= 0.3.1)
    tzinfo (0.3.28)
    uglifier (1.0.0)
      execjs (>= 0.3.0)
      multi_json (>= 1.0.2)
    warden (1.0.4)
      rack (>= 1.0)
    xpath (0.1.4)
      nokogiri (~> 1.3)

PLATFORMS
  ruby

DEPENDENCIES
  active_link_to
  autotest
  autotest-rails
  capybara!
  carrierwave
  coffee-script
  compass!
  database_cleaner
  devise (= 1.3.3)
  factory_girl
  fog
  jquery-rails
  launchy
  pg
  rails!
  rails-backbone
  rails-footnotes (>= 3.7)
  rmagick
  sass-rails (~> 3.1.0.rc)
  sqlite3
  therubyracer-heroku (= 0.8.1.pre3)
  uglifier
